GEM
  remote: http://rubygems.org/
  specs:
    bson (1.2.4)
    bson_ext (1.2.4)
    json (1.5.1)
    mongo (1.2.4)
      bson (>= 1.2.4)
    rack (1.2.2)
    sinatra (1.2.1)
      rack (~> 1.1)
      tilt (>= 1.2.2, < 2.0)
    tilt (1.2.2)
    yajl-ruby (0.8.2)

PLATFORMS
  ruby

DEPENDENCIES
  bson (>= 1.0)
  bson_ext (>= 1.0)
  json (>= 1.2.0)
  mongo (>= 0.19.1)
  rack (>= 1.1.0)
  sinatra (>= 0.9.4)
  yajl-ruby (>= 0.7.5)
